GEM
  remote: https://rubygems.org/
  specs:
    thor (0.19.4)
    tty-spinner (0.4.1)

PLATFORMS
  ruby

DEPENDENCIES
  thor
  tty-spinner

BUNDLED WITH
   1.14.6
